GEM
  remote: https://rubygems.org/
  specs:
    addressable (2.3.5)
    arr-pm (0.0.8)
      cabin (> 0)
    aws-sdk (1.20.0)
      json (~> 1.4)
      nokogiri (>= 1.4.4, < 1.6.0)
      uuidtools (~> 2.1)
    backports (3.3.4)
    cabin (0.6.1)
    childprocess (0.3.9)
      ffi (~> 1.0, >= 1.0.11)
    clamp (0.6.1)
    diff-lcs (1.2.4)
    ffi (1.9.0)
    fpm (0.4.42)
      arr-pm (~> 0.0.8)
      backports (>= 2.6.2)
      cabin (>= 0.6.0)
      childprocess
      clamp (~> 0.6)
      ftw (~> 0.0.30)
      json (>= 1.7.7)
    ftw (0.0.36)
      addressable
      backports (>= 2.6.2)
      cabin (> 0)
      http_parser.rb (= 0.5.3)
    http_parser.rb (0.5.3)
    json (1.8.0)
    nokogiri (1.5.10)
    rack (1.5.2)
    rack-protection (1.5.0)
      rack
    rspec (2.14.1)
      rspec-core (~> 2.14.0)
      rspec-expectations (~> 2.14.0)
      rspec-mocks (~> 2.14.0)
    rspec-core (2.14.5)
    rspec-expectations (2.14.3)
      diff-lcs (>= 1.1.3, < 2.0)
    rspec-mocks (2.14.3)
    sinatra (1.4.3)
      rack (~> 1.4)
      rack-protection (~> 1.4)
      tilt (~> 1.3, >= 1.3.4)
    tilt (1.4.1)
    uuidtools (2.1.4)

PLATFORMS
  ruby

DEPENDENCIES
  aws-sdk
  fpm
  rspec
  sinatra
