GEM
  remote: https://rubygems.org/
  specs:
    arr-pm (0.0.9)
      cabin (> 0)
    aws-sdk (1.61.0)
      aws-sdk-v1 (= 1.61.0)
    aws-sdk-v1 (1.61.0)
      json (~> 1.4)
      nokogiri (>= 1.4.4)
    backports (3.6.4)
    cabin (0.7.1)
    childprocess (0.5.5)
      ffi (~> 1.0, >= 1.0.11)
    clamp (0.6.3)
    diff-lcs (1.2.5)
    ffi (1.9.6)
    fpm (1.3.3)
      arr-pm (~> 0.0.9)
      backports (>= 2.6.2)
      cabin (>= 0.6.0)
      childprocess
      clamp (~> 0.6)
      ffi
      json (>= 1.7.7)
    given_core (3.6.0)
      sorcerer (>= 0.3.7)
    json (1.8.2)
    mini_portile (0.6.2)
    nokogiri (1.6.6.2)
      mini_portile (~> 0.6.0)
    rack (1.6.0)
    rack-protection (1.5.3)
      rack
    rspec (3.2.0)
      rspec-core (~> 3.2.0)
      rspec-expectations (~> 3.2.0)
      rspec-mocks (~> 3.2.0)
    rspec-core (3.2.0)
      rspec-support (~> 3.2.0)
    rspec-expectations (3.2.0)
      diff-lcs (>= 1.2.0, < 2.0)
      rspec-support (~> 3.2.0)
    rspec-given (3.6.0)
      given_core (= 3.6.0)
      rspec (>= 2.14.0)
    rspec-mocks (3.2.0)
      diff-lcs (>= 1.2.0, < 2.0)
      rspec-support (~> 3.2.0)
    rspec-support (3.2.1)
    sinatra (1.4.5)
      rack (~> 1.4)
      rack-protection (~> 1.4)
      tilt (~> 1.3, >= 1.3.4)
    sorcerer (1.0.2)
    tilt (1.4.1)

PLATFORMS
  ruby

DEPENDENCIES
  aws-sdk (~> 1)
  fpm
  rspec
  rspec-given
  sinatra
