GEM
  remote: http://rubygems.org/
  specs:
    arr-pm (0.0.10)
      cabin (> 0)
    aws-sdk-v1 (1.64.0)
      json (~> 1.4)
      nokogiri (>= 1.4.4)
    backports (3.21.0)
    cabin (0.9.0)
    childprocess (0.9.0)
      ffi (~> 1.0, >= 1.0.11)
    clamp (1.0.1)
    diff-lcs (1.4.4)
    dotenv (2.7.6)
    ffi (1.12.2)
    fpm (1.12.0)
      arr-pm (~> 0.0.10)
      backports (>= 2.6.2)
      cabin (>= 0.6.0)
      childprocess (< 1.0.0)
      clamp (~> 1.0.0)
      ffi (~> 1.12.0)
      git (>= 1.3.0, < 2.0)
      json (>= 1.7.7, < 3.0)
      pleaserun (~> 0.0.29)
      ruby-xz (~> 0.2.3)
      stud
    git (1.8.1)
      rchardet (~> 1.8)
    given_core (3.8.2)
      sorcerer (>= 0.3.7)
    insist (1.0.0)
    io-like (0.3.1)
    json (1.8.6)
    mini_portile2 (2.4.0)
    mustache (0.99.8)
    mustermann (2.0.2)
      ruby2_keywords (~> 0.0.1)
    nokogiri (1.10.0)
      mini_portile2 (~> 2.4.0)
    pleaserun (0.0.32)
      cabin (> 0)
      clamp
      dotenv
      insist
      mustache (= 0.99.8)
      stud
    rack (2.2.4)
    rack-protection (2.2.3)
      rack
    rchardet (1.8.0)
    rspec (3.10.0)
      rspec-core (~> 3.10.0)
      rspec-expectations (~> 3.10.0)
      rspec-mocks (~> 3.10.0)
    rspec-core (3.10.1)
      rspec-support (~> 3.10.0)
    rspec-expectations (3.10.1)
      diff-lcs (>= 1.2.0, < 2.0)
      rspec-support (~> 3.10.0)
    rspec-given (3.8.2)
      given_core (= 3.8.2)
      rspec (>= 2.14.0)
    rspec-mocks (3.10.2)
      diff-lcs (>= 1.2.0, < 2.0)
      rspec-support (~> 3.10.0)
    rspec-support (3.10.2)
    ruby-xz (0.2.3)
      ffi (~> 1.9)
      io-like (~> 0.3)
    ruby2_keywords (0.0.5)
    sinatra (2.2.3)
      mustermann (~> 2.0)
      rack (~> 2.2)
      rack-protection (= 2.2.3)
      tilt (~> 2.0)
    sorcerer (2.0.1)
    stud (0.0.23)
    tilt (2.0.11)

PLATFORMS
  x86_64-linux

DEPENDENCIES
  aws-sdk-v1 (= 1.64)
  fpm (= 1.12.0)
  nokogiri (= 1.10.0)
  rspec
  rspec-given
  sinatra (= 2.2.3)

BUNDLED WITH
   2.2.17
