GEM
  remote: https://rubygems.org/
  specs:
    arr-pm (0.0.9)
      cabin (> 0)
    aws-sdk (2.0.22)
      aws-sdk-resources (= 2.0.22)
    aws-sdk-core (2.0.22)
      builder (~> 3.0)
      jmespath (~> 1.0)
      multi_json (~> 1.0)
      multi_xml (~> 0.5)
    aws-sdk-resources (2.0.22)
      aws-sdk-core (= 2.0.22)
    backports (3.6.0)
    builder (3.2.2)
    cabin (0.6.1)
    childprocess (0.5.3)
      ffi (~> 1.0, >= 1.0.11)
    clamp (0.6.3)
    diff-lcs (1.2.5)
    ffi (1.9.3)
    fpm (1.2.0)
      arr-pm (~> 0.0.9)
      backports (>= 2.6.2)
      cabin (>= 0.6.0)
      childprocess
      clamp (~> 0.6)
      ffi
      json (>= 1.7.7)
    given_core (3.5.4)
      sorcerer (>= 0.3.7)
    jmespath (1.0.2)
      multi_json (~> 1.0)
    json (1.8.1)
    multi_json (1.10.1)
    multi_xml (0.5.5)
    rack (1.5.2)
    rack-protection (1.5.3)
      rack
    rspec (3.0.0)
      rspec-core (~> 3.0.0)
      rspec-expectations (~> 3.0.0)
      rspec-mocks (~> 3.0.0)
    rspec-core (3.0.3)
      rspec-support (~> 3.0.0)
    rspec-expectations (3.0.3)
      diff-lcs (>= 1.2.0, < 2.0)
      rspec-support (~> 3.0.0)
    rspec-given (3.5.4)
      given_core (= 3.5.4)
      rspec (>= 2.12)
    rspec-mocks (3.0.3)
      rspec-support (~> 3.0.0)
    rspec-support (3.0.3)
    sinatra (1.4.5)
      rack (~> 1.4)
      rack-protection (~> 1.4)
      tilt (~> 1.3, >= 1.3.4)
    sorcerer (1.0.2)
    tilt (1.4.1)

PLATFORMS
  ruby

DEPENDENCIES
  aws-sdk (~> 2)
  fpm
  rspec
  rspec-given
  sinatra
